GIT
  remote: git://github.com/sunlightlabs/lucene_query_parser.git
  revision: 8807aee6a74438f89d7396b21f52382b90edfca4
  specs:
    lucene_query_parser (0.0.1)
      parslet
      rainbow

GIT
  remote: git://github.com/sunlightlabs/phone.git
  revision: 3bd81f494bafaa3e19f3c4784d0f81158b38e9fb
  specs:
    phone (1.0)

GEM
  remote: https://rubygems.org/
  specs:
    activemodel (3.2.12)
      activesupport (= 3.2.12)
      builder (~> 3.0.0)
    activesupport (3.2.12)
      i18n (~> 0.6)
      multi_json (~> 1.0)
    asset_sync (0.5.4)
      activemodel
      fog
    backports (3.3.3)
    bcrypt-ruby (3.1.1)
    big_sitemap (1.1.0)
    blankslate (2.1.2.4)
    builder (3.0.4)
    curb (0.8.4)
    escape_utils (0.3.2)
    eventmachine (1.0.3)
    excon (0.25.1)
    feedbag (0.9.1)
      hpricot (>= 0.6)
    feedzirra (0.2.0.rc1)
      curb (~> 0.8.0)
      gorillib (~> 0.1.9)
      loofah (~> 1.2.1)
      nokogiri (~> 1.5.2)
      sax-machine (~> 0.1.0)
    fog (1.11.1)
      builder
      excon (~> 0.20)
      formatador (~> 0.2.0)
      json (~> 1.7)
      mime-types
      net-scp (~> 1.1)
      net-ssh (>= 2.1.3)
      nokogiri (~> 1.5.0)
      ruby-hmac
    formatador (0.2.4)
    gorillib (0.1.11)
      json
    hpricot (0.8.6)
    http_router (0.11.0)
      rack (>= 1.0.0)
      url_mount (~> 0.2.1)
    httparty (0.11.0)
      multi_json (~> 1.0)
      multi_xml (>= 0.5.2)
    i18n (0.6.4)
    json (1.8.0)
    jwt (0.1.8)
      multi_json (>= 1.5)
    kgio (2.8.0)
    loofah (1.2.1)
      nokogiri (>= 1.4.4)
    mail (2.4.4)
      i18n (>= 0.4.0)
      mime-types (~> 1.16)
      treetop (~> 1.4.8)
    mime-types (1.23)
    mongoid (3.1.4)
      activemodel (~> 3.2)
      moped (~> 1.4)
      origin (~> 1.0)
      tzinfo (~> 0.3.22)
    moped (1.5.0)
    multi_json (1.7.7)
    multi_xml (0.5.4)
    net-scp (1.1.2)
      net-ssh (>= 2.6.5)
    net-ssh (2.6.8)
    nokogiri (1.5.10)
    oj (2.1.4)
    origin (1.1.0)
    padrino-core (0.11.2)
      activesupport (>= 3.1.0)
      http_router (~> 0.11.0)
      rack-protection (>= 1.5.0)
      sinatra (~> 1.4.2)
      thor (~> 0.17.0)
      tilt (~> 1.3.7)
    padrino-helpers (0.11.2)
      i18n (~> 0.6)
      padrino-core (= 0.11.2)
    parslet (1.5.0)
      blankslate (~> 2.0)
    polyglot (0.3.3)
    pony (1.4)
      mail (> 2.0)
    postmark (0.9.10)
    rack (1.5.2)
    rack-protection (1.5.0)
      rack
    rack-ssl (1.3.3)
      rack
    rack-test (0.6.2)
      rack (>= 1.0)
    rainbow (1.1.4)
    raindrops (0.11.0)
    rake (10.1.0)
    rinku (1.7.3)
    ruby-hmac (0.4.0)
    safe_yaml (0.9.4)
    sax-machine (0.1.0)
      nokogiri (> 0.0.0)
    sinatra (1.4.2)
      rack (~> 1.5, >= 1.5.2)
      rack-protection (~> 1.4)
      tilt (~> 1.3, >= 1.3.4)
    sinatra-contrib (1.4.0)
      backports (>= 2.0)
      eventmachine
      rack-protection
      rack-test
      sinatra (~> 1.4.2)
      tilt (~> 1.3)
    sinatra-flash (0.3.0)
      sinatra (>= 1.0.0)
    thor (0.17.0)
    tilt (1.3.7)
    treetop (1.4.14)
      polyglot
      polyglot (>= 0.3.1)
    twilio-rb (2.2.0)
      activesupport (>= 3.0.0)
      builder (>= 2.1.2)
      httparty (>= 0.6.1)
      i18n (~> 0.5)
      jwt (>= 0.1.3)
    tzinfo (0.3.37)
    unicorn (4.6.3)
      kgio (~> 2.6)
      rack
      raindrops (~> 0.7)
    url_mount (0.2.1)
      rack

PLATFORMS
  ruby

DEPENDENCIES
  asset_sync
  bcrypt-ruby
  big_sitemap
  curb
  escape_utils
  excon
  feedbag
  feedzirra (= 0.2.0.rc1)
  httparty
  json
  lucene_query_parser!
  mail (= 2.4.4)
  mongoid (= 3.1.4)
  multi_json
  oj
  padrino-helpers (= 0.11.2)
  phone!
  pony (= 1.4)
  postmark (= 0.9.10)
  rack
  rack-ssl
  rake
  rinku
  ruby-hmac
  safe_yaml
  sinatra (= 1.4.2)
  sinatra-contrib (= 1.4.0)
  sinatra-flash (= 0.3.0)
  twilio-rb (= 2.2.0)
  unicorn
